GEM
  remote: https://rubygems.org/
  specs:
    backports (3.6.7)
    json (1.8.3)
    multi_json (1.11.2)
    rack (1.6.4)
    rack-protection (1.5.3)
      rack
    rack-test (0.6.3)
      rack (>= 1.0)
    sass (3.4.20)
    sinatra (1.4.6)
      rack (~> 1.4)
      rack-protection (~> 1.4)
      tilt (>= 1.3, < 3)
    sinatra-contrib (1.4.6)
      backports (>= 2.0)
      multi_json
      rack-protection
      rack-test
      sinatra (~> 1.4.0)
      tilt (>= 1.3, < 3)
    sinatra-reloader (1.0)
      sinatra-contrib
    slim (3.0.6)
      temple (~> 0.7.3)
      tilt (>= 1.3.3, < 2.1)
    temple (0.7.6)
    term-ansicolor (1.3.2)
      tins (~> 1.0)
    tilt (2.0.1)
    tins (1.8.1)

PLATFORMS
  ruby

DEPENDENCIES
  json
  sass
  sinatra
  sinatra-reloader
  slim
  term-ansicolor

BUNDLED WITH
   1.10.6
